GEM
  remote: http://rubygems.org/
  specs:
    chunky_png (1.4.0)
    daemons (1.4.1)
    eventmachine (1.2.7)
    rack (3.0.7)
    sprite-factory (1.7.1)
    thin (1.8.2)
      daemons (>= 1.0.9)
      eventmachine (>= 0.12.6)
      rack (>= 1.0.0)
    unified-assets (0.0.1)
      rack

PLATFORMS
  ruby
  x64-mingw-ucrt

DEPENDENCIES
  chunky_png (= 1.4.0)
  rack (= 3.0.7)
  sprite-factory (= 1.7.1)
  thin (= 1.8.2)
  unified-assets (= 0.0.1)

BUNDLED WITH
   2.4.12
